GEM
  remote: https://rubygems.org/
  specs:
    minitest (5.9.0)
    rake (11.1.1)

PLATFORMS
  ruby

DEPENDENCIES
  minitest (~> 5.9.0)
  rake

BUNDLED WITH
   1.12.4
