GEM
  specs:
    minitest (5.9.0)
    rake (11.1.1)

PLATFORMS
  ruby

DEPENDENCIES
  minitest
  rake

BUNDLED WITH
   1.12.4
